GEM
  remote: https://rubygems.org/
  specs:
    byebug (9.0.6)

PLATFORMS
  x86-mingw32

DEPENDENCIES
  byebug

BUNDLED WITH
   1.14.6
